GEM
  remote: http://rubygems.org/
  specs:
    childprocess (0.3.1)
      ffi (~> 1.0.6)
    ffi (1.0.11)
    multi_json (1.0.4)
    rubyzip (0.9.6.1)
    selenium-webdriver (2.19.0)
      childprocess (>= 0.2.5)
      ffi (~> 1.0.9)
      multi_json (~> 1.0.4)
      rubyzip

PLATFORMS
  ruby

DEPENDENCIES
  selenium-webdriver
