GEM
  remote: http://rubygems.org/
  specs:
    Ascii85 (1.0.1)
    builder (3.0.0)
    childprocess (0.3.1)
      ffi (~> 1.0.6)
    cucumber (1.1.8)
      builder (>= 2.1.2)
      diff-lcs (>= 1.1.2)
      gherkin (~> 2.8.0)
      json (>= 1.4.6)
      term-ansicolor (>= 1.0.6)
    diff-lcs (1.1.3)
    ffi (1.0.11)
    gherkin (2.8.0)
      json (>= 1.4.6)
    headless (0.2.2)
    json (1.6.5)
    multi_json (1.0.4)
    pdf-reader (1.0.0)
      Ascii85 (~> 1.0.0)
      ruby-rc4
    ruby-rc4 (0.1.5)
    rubyzip (0.9.6.1)
    selenium-webdriver (2.19.0)
      childprocess (>= 0.2.5)
      ffi (~> 1.0.9)
      multi_json (~> 1.0.4)
      rubyzip
    term-ansicolor (1.0.7)

PLATFORMS
  ruby

DEPENDENCIES
  cucumber
  headless
  pdf-reader
  selenium-webdriver
